PATH
  remote: .
  specs:
    giggly (0.1.3)
      httparty (~> 0.8.0)
      ruby-hmac (~> 0.4.0)

GEM
  remote: http://rubygems.org/
  specs:
    fakeweb (1.3.0)
    httparty (0.8.0)
      multi_json
      multi_xml
    jnunemaker-matchy (0.4.0)
    mocha (0.9.7)
      rake
    multi_json (1.0.3)
    multi_xml (0.4.1)
    rake (13.0.1)
    ruby-hmac (0.4.0)
    thoughtbot-shoulda (2.11.1)

PLATFORMS
  ruby

DEPENDENCIES
  fakeweb (~> 1.3.0)
  giggly!
  jnunemaker-matchy (~> 0.4.0)
  mocha (~> 0.9.7)
  thoughtbot-shoulda (~> 2.11.1)
