PATH
  remote: .
  specs:
    giggly (0.1.3)
      httparty (>= 0.8, < 0.22)
      ruby-hmac (~> 0.4.0)

GEM
  remote: http://rubygems.org/
  specs:
    fakeweb (1.3.0)
    httparty (0.21.0)
      mini_mime (>= 1.0.0)
      multi_xml (>= 0.5.2)
    jnunemaker-matchy (0.4.0)
    mini_mime (1.1.2)
    mocha (0.9.7)
      rake
    multi_xml (0.6.0)
    rake (0.9.2)
    ruby-hmac (0.4.0)
    thoughtbot-shoulda (2.11.1)

PLATFORMS
  ruby

DEPENDENCIES
  fakeweb (~> 1.3.0)
  giggly!
  jnunemaker-matchy (~> 0.4.0)
  mocha (~> 0.9.7)
  thoughtbot-shoulda (~> 2.11.1)
